GEM
  remote: http://rubygems.org/
  specs:
    abstract (1.0.0)
    crack (0.1.6)
    erubis (2.6.6)
      abstract (>= 1.0.0)
    google-weather (0.2.0)
      httparty (= 0.5.2)
    httparty (0.5.2)
      crack (= 0.1.6)
    rack (1.2.1)
    sinatra (1.1.2)
      rack (~> 1.1)
      tilt (~> 1.2)
    sinatra-flash (0.3.0)
      sinatra (>= 1.0.0)
    tilt (1.2.1)

PLATFORMS
  ruby

DEPENDENCIES
  erubis
  google-weather
  sinatra
  sinatra-flash
